PATH
  remote: .
  specs:
    freakonomics (0.1.0)
      nokogiri
      progressbar

GEM
  remote: https://rubygems.org/
  specs:
    mini_portile (0.6.2)
    minitest (5.8.2)
    nokogiri (1.6.6.2)
      mini_portile (~> 0.6.0)
    progressbar (0.21.0)
    rake (10.4.2)

PLATFORMS
  ruby

DEPENDENCIES
  bundler (~> 1.10)
  freakonomics!
  minitest
  rake (~> 10.0)

BUNDLED WITH
   1.10.6
